GEM
  remote: https://rubygems.org/
  specs:
    json (2.1.0)
    mysql2 (0.4.10)
    mysql2-cs-bind (0.0.6)
      mysql2
    rack (1.6.8)
    rack-protection (1.5.3)
      rack
    sinatra (1.4.8)
      rack (~> 1.5)
      rack-protection (~> 1.4)
      tilt (>= 1.3, < 3)
    sinatra-param (1.4.0)
      sinatra (~> 1.3)
    tilt (2.0.8)

PLATFORMS
  ruby

DEPENDENCIES
  json
  mysql2
  mysql2-cs-bind
  sinatra
  sinatra-param

BUNDLED WITH
   1.16.1
